GEM
  remote: https://rubygems.org/
  specs:
    puma (2.13.4)
    rack (1.6.4)
    rack-protection (1.5.3)
      rack
    redcarpet (3.3.2)
    rouge (1.9.0)
    sinatra (1.4.6)
      rack (~> 1.4)
      rack-protection (~> 1.4)
      tilt (>= 1.3, < 3)
    slim (3.0.6)
      temple (~> 0.7.3)
      tilt (>= 1.3.3, < 2.1)
    temple (0.7.6)
    tilt (2.0.1)

PLATFORMS
  ruby

DEPENDENCIES
  puma
  redcarpet
  rouge (~> 1.8, != 1.9.1)
  sinatra
  slim

BUNDLED WITH
   1.10.6
